PATH
  remote: .
  specs:
    prls (0.1.3)
      nokogiri
      rake
      rspec
      word_wrap

GEM
  remote: https://rubygems.org/
  specs:
    diff-lcs (1.4.2)
    mini_portile2 (2.4.0)
    nokogiri (1.10.9)
      mini_portile2 (~> 2.4.0)
    rake (12.3.3)
    rspec (3.9.0)
      rspec-core (~> 3.9.0)
      rspec-expectations (~> 3.9.0)
      rspec-mocks (~> 3.9.0)
    rspec-core (3.9.2)
      rspec-support (~> 3.9.3)
    rspec-expectations (3.9.2)
      diff-lcs (>= 1.2.0, < 2.0)
      rspec-support (~> 3.9.0)
    rspec-mocks (3.9.1)
      diff-lcs (>= 1.2.0, < 2.0)
      rspec-support (~> 3.9.0)
    rspec-support (3.9.3)
    word_wrap (1.0.0)

PLATFORMS
  ruby

DEPENDENCIES
  nokogiri
  prls!
  rake (~> 12.0)
  rspec (~> 3.0)
  word_wrap

BUNDLED WITH
   2.1.4
